GIT
  remote: https://github.com/amerine/acts_as_tree.git
  revision: ec2d1dc0d3c7d28e19e4c79f0398506fb57f880a
  specs:
    acts_as_tree (2.0.0)
      activerecord (>= 3.0.0)

GIT
  remote: https://github.com/mislav/will_paginate
  revision: 623e9c5390998a2aca283bca28009f7d479d5f0f
  specs:
    will_paginate (3.0.4)

GIT
  remote: https://github.com/sandal/prawn.git
  revision: 857f13e919d1bd7120de1ea9ba0429620329865b
  specs:
    prawn (1.0.0.rc1)
      pdf-reader (>= 0.9.0)
      ttfunk (~> 1.0.3)

GIT
  remote: https://github.com/scottwillson/ruby-ole.git
  revision: 6b9d2530b12259ca21af75ed2dcb26ba745a6115
  specs:
    ruby-ole (1.2.11.3)

GIT
  remote: https://github.com/scottwillson/spreadsheet.git
  revision: e5d97bc43f3db66600a70ace5de638f41a4a700b
  specs:
    spreadsheet (0.6.6)
      ruby-ole

GIT
  remote: https://github.com/scottwillson/vestal_versions.git
  revision: 977e68c37ff7315b565d6386f22bcdce6e1fefdf
  branch: rails-4-1
  specs:
    vestal_versions (2.0.1)
      activerecord (>= 4.1.0.rc1, < 5)
      activesupport (>= 4.1.0.rc1, < 5)

GIT
  remote: https://github.com/swanandp/acts_as_list.git
  revision: ac4f602d20b679370ed4bb9702ccc3fa61af1be8
  ref: ac4f602d20b679370ed4bb9702ccc3fa61af1be8
  specs:
    acts_as_list (0.4.0)
      activerecord (>= 3.0)

PATH
  remote: lib/registration_engine
  specs:
    registration_engine (0.0.1)
      activemerchant
      rails (~> 4.1.0)

GEM
  remote: https://rubygems.org/
  specs:
    Ascii85 (1.0.2)
    actionmailer (4.1.4)
      actionpack (= 4.1.4)
      actionview (= 4.1.4)
      mail (~> 2.5.4)
    actionpack (4.1.4)
      actionview (= 4.1.4)
      activesupport (= 4.1.4)
      rack (~> 1.5.2)
      rack-test (~> 0.6.2)
    actionpack-page_caching (1.0.2)
      actionpack (>= 4.0.0, < 5)
    actionview (4.1.4)
      activesupport (= 4.1.4)
      builder (~> 3.1)
      erubis (~> 2.7.0)
    active_utils (2.2.1)
      activesupport (>= 2.3.11)
      i18n
    activemerchant (1.43.1)
      active_utils (~> 2.0, >= 2.0.1)
      activesupport (>= 2.3.14, < 5.0.0)
      builder (>= 2.1.2, < 4.0.0)
      i18n (~> 0.5)
      json (~> 1.7)
      money (< 7.0.0)
      nokogiri (~> 1.4)
    activemodel (4.1.4)
      activesupport (= 4.1.4)
      builder (~> 3.1)
    activerecord (4.1.4)
      activemodel (= 4.1.4)
      activesupport (= 4.1.4)
      arel (~> 5.0.0)
    activesupport (4.1.4)
      i18n (~> 0.6, >= 0.6.9)
      json (~> 1.7, >= 1.7.7)
      minitest (~> 5.1)
      thread_safe (~> 0.1)
      tzinfo (~> 1.1)
    afm (0.2.2)
    arel (5.0.1.20140414130214)
    ast (2.0.0)
    authlogic (3.4.2)
      activerecord (>= 3.2)
      activesupport (>= 3.2)
      request_store (~> 1.0)
    bcrypt (3.1.7)
    bootstrap-datepicker-rails (1.3.0.2)
      railties (>= 3.0)
    bootstrap-sass (3.2.0.0)
      sass (~> 3.2)
    brakeman (2.6.1)
      erubis (~> 2.6)
      fastercsv (~> 1.5)
      haml (>= 3.0, < 5.0)
      highline (~> 1.6.20)
      multi_json (~> 1.2)
      ruby2ruby (~> 2.0.5)
      ruby_parser (~> 3.5.0)
      sass (~> 3.0)
      slim (>= 1.3.6, < 3.0)
      terminal-table (~> 1.4)
    builder (3.2.2)
    bundler-audit (0.3.1)
      bundler (~> 1.2)
      thor (~> 0.18)
    capistrano (2.15.5)
      highline
      net-scp (>= 1.0.0)
      net-sftp (>= 2.0.0)
      net-ssh (>= 2.0.14)
      net-ssh-gateway (>= 1.1.0)
    capistrano-unicorn (0.2.0)
      capistrano (< 3.0)
    capybara (2.4.1)
      mime-types (>= 1.16)
      nokogiri (>= 1.3.3)
      rack (>= 1.0.0)
      rack-test (>= 0.5.4)
      xpath (~> 2.0)
    carrierwave (0.10.0)
      activemodel (>= 3.2.0)
      activesupport (>= 3.2.0)
      json (>= 1.7)
      mime-types (>= 1.16)
    celluloid (0.15.2)
      timers (~> 1.1.0)
    childprocess (0.5.3)
      ffi (~> 1.0, >= 1.0.11)
    chronic (0.9.1)
    ckeditor_rails (4.4.1)
      railties (>= 3.0)
    cliver (0.3.2)
    coderay (1.1.0)
    coffee-rails (4.0.1)
      coffee-script (>= 2.2.0)
      railties (>= 4.0.0, < 5.0)
    coffee-script (2.2.0)
      coffee-script-source
      execjs
    coffee-script-source (1.7.0)
    database_cleaner (1.3.0)
    default_value_for (3.0.0.1)
      activerecord (>= 3.2.0, < 5.0)
    em-websocket (0.5.1)
      eventmachine (>= 0.12.9)
      http_parser.rb (~> 0.6.0)
    erubis (2.7.0)
    eventmachine (1.0.3)
    execjs (2.2.1)
    factory_girl (4.4.0)
      activesupport (>= 3.0.0)
    factory_girl_rails (4.4.1)
      factory_girl (~> 4.4.0)
      railties (>= 3.0.0)
    fakeweb (1.3.0)
    fastercsv (1.5.5)
    ffi (1.9.3)
    ffi-compiler (0.1.3)
      ffi (>= 1.0.0)
      rake
    formatador (0.2.5)
    guard (2.6.1)
      formatador (>= 0.2.4)
      listen (~> 2.7)
      lumberjack (~> 1.0)
      pry (>= 0.9.12)
      thor (>= 0.18.1)
    guard-livereload (2.3.0)
      em-websocket (~> 0.5)
      guard (~> 2.0)
      multi_json (~> 1.8)
    haml (4.0.5)
      tilt
    hashery (2.1.1)
    highline (1.6.21)
    hike (1.2.3)
    http_parser.rb (0.6.0)
    httparty (0.13.1)
      json (~> 1.8)
      multi_xml (>= 0.5.2)
    i18n (0.6.9)
    in_place_editing (1.2.0)
    jquery-rails (3.1.1)
      railties (>= 3.0, < 5.0)
      thor (>= 0.14, < 2.0)
    jquery-ui-rails (5.0.0)
      railties (>= 3.2.16)
    json (1.8.1)
    kgio (2.9.2)
    libv8 (3.16.14.3)
    listen (2.7.9)
      celluloid (>= 0.15.2)
      rb-fsevent (>= 0.9.3)
      rb-inotify (>= 0.9)
    lumberjack (1.0.9)
    mail (2.5.4)
      mime-types (~> 1.16)
      treetop (~> 1.4.8)
    metaclass (0.0.4)
    method_source (0.8.2)
    mime-types (1.25.1)
    mini_portile (0.6.0)
    minitest (5.3.5)
    mocha (1.1.0)
      metaclass (~> 0.0.1)
    money (6.1.1)
      i18n (~> 0.6.4)
    multi_json (1.10.1)
    multi_xml (0.5.5)
    mysql2 (0.3.16)
    net-scp (1.2.1)
      net-ssh (>= 2.6.5)
    net-sftp (2.1.2)
      net-ssh (>= 2.6.5)
    net-ssh (2.9.1)
    net-ssh-gateway (1.2.0)
      net-ssh (>= 2.6.5)
    newrelic_rpm (3.9.0.229)
    nokogiri (1.6.2.1)
      mini_portile (= 0.6.0)
    oj (2.9.8)
    parser (2.2.0.pre.3)
      ast (>= 1.1, < 3.0)
      slop (~> 3.4, >= 3.4.5)
    pdf-reader (1.3.3)
      Ascii85 (~> 1.0.0)
      afm (~> 0.2.0)
      hashery (~> 2.0)
      ruby-rc4
      ttfunk
    poltergeist (1.5.1)
      capybara (~> 2.1)
      cliver (~> 0.3.1)
      multi_json (~> 1.0)
      websocket-driver (>= 0.2.0)
    polyglot (0.3.5)
    powerpack (0.0.9)
    pry (0.10.0)
      coderay (~> 1.1.0)
      method_source (~> 0.8.1)
      slop (~> 3.4)
    puma (2.8.2)
      rack (>= 1.1, < 2.0)
    quiet_assets (1.0.3)
      railties (>= 3.1, < 5.0)
    rack (1.5.2)
    rack-livereload (0.3.15)
      rack
    rack-test (0.6.2)
      rack (>= 1.0)
    rails (4.1.4)
      actionmailer (= 4.1.4)
      actionpack (= 4.1.4)
      actionview (= 4.1.4)
      activemodel (= 4.1.4)
      activerecord (= 4.1.4)
      activesupport (= 4.1.4)
      bundler (>= 1.3.0, < 2.0)
      railties (= 4.1.4)
      sprockets-rails (~> 2.0)
    rails-observers (0.1.2)
      activemodel (~> 4.0)
    railties (4.1.4)
      actionpack (= 4.1.4)
      activesupport (= 4.1.4)
      rake (>= 0.8.7)
      thor (>= 0.18.1, < 2.0)
    rainbow (2.0.0)
    raindrops (0.13.0)
    rake (10.3.2)
    raygun4ruby (1.1.2)
      httparty (~> 0.11)
      json
      rack
    rb-fsevent (0.9.4)
    rb-inotify (0.9.5)
      ffi (>= 0.5.0)
    redcarpet (3.1.2)
    ref (1.0.5)
    request_store (1.0.6)
    ri_cal (0.8.8)
    rmagick (2.13.2)
    rubocop (0.24.1)
      json (>= 1.7.7, < 2)
      parser (>= 2.2.0.pre.3, < 3.0)
      powerpack (~> 0.0.6)
      rainbow (>= 1.99.1, < 3.0)
      ruby-progressbar (~> 1.4)
    ruby-progressbar (1.5.1)
    ruby-rc4 (0.1.5)
    ruby2ruby (2.0.8)
      ruby_parser (~> 3.1)
      sexp_processor (~> 4.0)
    ruby_parser (3.5.0)
      sexp_processor (~> 4.1)
    rubyzip (1.1.6)
    rvm-capistrano (1.5.3)
      capistrano (~> 2.15.4)
    sass (3.2.19)
    sass-rails (4.0.3)
      railties (>= 4.0.0, < 5.0)
      sass (~> 3.2.0)
      sprockets (~> 2.8, <= 2.11.0)
      sprockets-rails (~> 2.0)
    scrypt (1.2.1)
      ffi-compiler (>= 0.0.2)
      rake
    selenium-webdriver (2.42.0)
      childprocess (>= 0.5.0)
      multi_json (~> 1.0)
      rubyzip (~> 1.0)
      websocket (~> 1.0.4)
    sexp_processor (4.4.3)
    slim (2.0.3)
      temple (~> 0.6.6)
      tilt (>= 1.3.3, < 2.1)
    slop (3.5.0)
    spring (1.1.3)
    sprockets (2.11.0)
      hike (~> 1.2)
      multi_json (~> 1.0)
      rack (~> 1.0)
      tilt (~> 1.1, != 1.3.0)
    sprockets-rails (2.1.3)
      actionpack (>= 3.0)
      activesupport (>= 3.0)
      sprockets (~> 2.8)
    syslog-logger (1.6.8)
    tabular (0.2.5)
    temple (0.6.8)
    terminal-table (1.4.5)
    therubyracer (0.12.1)
      libv8 (~> 3.16.14.0)
      ref
    thor (0.19.1)
    thread_safe (0.3.4)
    tilt (1.4.1)
    timecop (0.7.1)
    timers (1.1.0)
    treetop (1.4.15)
      polyglot
      polyglot (>= 0.3.1)
    truncate_html (0.9.2)
    ttfunk (1.0.3)
    tzinfo (1.2.1)
      thread_safe (~> 0.1)
    uglifier (2.5.1)
      execjs (>= 0.3.0)
      json (>= 1.8.0)
    unicorn (4.8.3)
      kgio (~> 2.6)
      rack
      raindrops (~> 0.7)
    websocket (1.0.7)
    websocket-driver (0.3.4)
    will_paginate-bootstrap (1.0.1)
      will_paginate (>= 3.0.3)
    xpath (2.0.0)
      nokogiri (~> 1.3)
    yui-compressor (0.12.0)

PLATFORMS
  ruby

DEPENDENCIES
  Ascii85
  actionpack-page_caching
  activemerchant
  acts_as_list!
  acts_as_tree!
  authlogic
  bcrypt
  bootstrap-datepicker-rails
  bootstrap-sass
  brakeman
  bundler-audit
  capistrano
  capistrano-unicorn
  capybara
  carrierwave
  chronic (< 0.10.0)
  ckeditor_rails
  coffee-rails
  database_cleaner
  default_value_for
  erubis
  execjs
  factory_girl_rails
  fakeweb
  guard-livereload
  in_place_editing
  jquery-rails
  jquery-ui-rails
  minitest
  mocha
  money
  mysql2
  newrelic_rpm
  nokogiri
  oj
  pdf-reader
  poltergeist
  prawn!
  puma
  quiet_assets
  rack-livereload
  rails (= 4.1.4)
  rails-observers
  rake
  raygun4ruby
  redcarpet
  registration_engine!
  ri_cal
  rmagick
  rubocop
  ruby-ole!
  rvm-capistrano
  sass-rails (~> 4.0.3)
  scrypt
  selenium-webdriver
  spreadsheet!
  spring
  syslog-logger
  tabular (>= 0.2.4)
  therubyracer
  timecop
  truncate_html
  uglifier
  unicorn
  vestal_versions!
  will_paginate!
  will_paginate-bootstrap
  yui-compressor
