GIT
  remote: git://github.com/Empact/roo.git
  revision: 63996f05e062880537a1afe7d23cbcf7e28055bd
  specs:
    roo (2.0.0)
      nokogiri
      rubyzip (>= 1.0.0)

GIT
  remote: git://github.com/vkill/default_value_for.git
  revision: 87c422ec269f6bbe6efec4d04183d79c8e1f26fc
  branch: issue#38
  specs:
    default_value_for (3.0.0.1)
      activerecord (>= 3.2.0, < 5.0)

GIT
  remote: https://github.com/amerine/acts_as_tree.git
  revision: 6f856745965a8f07ba8b3f330a4ac9e5931707dd
  specs:
    acts_as_tree (2.1.0)
      activerecord (>= 3.0.0)

GIT
  remote: https://github.com/sandal/prawn.git
  revision: 857f13e919d1bd7120de1ea9ba0429620329865b
  specs:
    prawn (1.0.0.rc1)
      pdf-reader (>= 0.9.0)
      ttfunk (~> 1.0.3)

GIT
  remote: https://github.com/scottwillson/ruby-ole.git
  revision: 6b9d2530b12259ca21af75ed2dcb26ba745a6115
  specs:
    ruby-ole (1.2.11.3)

GIT
  remote: https://github.com/scottwillson/spreadsheet.git
  revision: e5d97bc43f3db66600a70ace5de638f41a4a700b
  specs:
    spreadsheet (0.6.6)
      ruby-ole

GIT
  remote: https://github.com/scottwillson/vestal_versions.git
  revision: 977e68c37ff7315b565d6386f22bcdce6e1fefdf
  branch: rails-4-1
  specs:
    vestal_versions (2.0.1)
      activerecord (>= 4.1.0.rc1, < 5)
      activesupport (>= 4.1.0.rc1, < 5)

GIT
  remote: https://github.com/swanandp/acts_as_list.git
  revision: ac4f602d20b679370ed4bb9702ccc3fa61af1be8
  ref: ac4f602d20b679370ed4bb9702ccc3fa61af1be8
  specs:
    acts_as_list (0.4.0)
      activerecord (>= 3.0)

GEM
  remote: https://rubygems.org/
  specs:
    Ascii85 (1.0.2)
    actionmailer (4.2.0.beta4)
      actionpack (= 4.2.0.beta4)
      actionview (= 4.2.0.beta4)
      activejob (= 4.2.0.beta4)
      mail (~> 2.5, >= 2.5.4)
      rails-dom-testing (~> 1.0, >= 1.0.4)
    actionpack (4.2.0.beta4)
      actionview (= 4.2.0.beta4)
      activesupport (= 4.2.0.beta4)
      rack (~> 1.6.0.beta)
      rack-test (~> 0.6.2)
      rails-dom-testing (~> 1.0, >= 1.0.4)
      rails-html-sanitizer (~> 1.0, >= 1.0.1)
    actionview (4.2.0.beta4)
      activesupport (= 4.2.0.beta4)
      builder (~> 3.1)
      erubis (~> 2.7.0)
      rails-dom-testing (~> 1.0, >= 1.0.4)
      rails-html-sanitizer (~> 1.0, >= 1.0.1)
    active_utils (2.2.3)
      activesupport (>= 2.3.11)
      i18n
    activejob (4.2.0.beta4)
      activesupport (= 4.2.0.beta4)
      globalid (>= 0.3.0)
    activemerchant (1.44.1)
      active_utils (~> 2.2.0)
      activesupport (>= 3.2.14, < 5.0.0)
      builder (>= 2.1.2, < 4.0.0)
      i18n (>= 0.6.9)
      json (~> 1.7)
      nokogiri (~> 1.4)
      offsite_payments (~> 2.0.0)
    activemodel (4.2.0.beta4)
      activesupport (= 4.2.0.beta4)
      builder (~> 3.1)
    activerecord (4.2.0.beta4)
      activemodel (= 4.2.0.beta4)
      activesupport (= 4.2.0.beta4)
      arel (>= 6.0.0.beta2, < 6.1)
    activesupport (4.2.0.beta4)
      i18n (>= 0.7.0.beta1, < 0.8)
      json (~> 1.7, >= 1.7.7)
      minitest (~> 5.1)
      thread_safe (~> 0.1)
      tzinfo (~> 1.1)
    afm (0.2.2)
    arel (6.0.0)
    ast (2.0.0)
    astrolabe (1.3.0)
      parser (>= 2.2.0.pre.3, < 3.0)
    authlogic (3.4.2)
      activerecord (>= 3.2)
      activesupport (>= 3.2)
      request_store (~> 1.0)
    bcrypt (3.1.9)
    bootstrap-datepicker-rails (1.3.0.2)
      railties (>= 3.0)
    bootstrap-sass (3.3.1.0)
      sass (~> 3.2)
    brakeman (2.6.3)
      erubis (~> 2.6)
      fastercsv (~> 1.5)
      haml (>= 3.0, < 5.0)
      highline (~> 1.6.20)
      multi_json (~> 1.2)
      ruby2ruby (~> 2.1.1)
      ruby_parser (~> 3.5.0)
      sass (~> 3.0)
      slim (>= 1.3.6, < 3.0)
      terminal-table (~> 1.4)
    builder (3.2.2)
    bullet (4.14.0)
      activesupport (>= 3.0.0)
      uniform_notifier (>= 1.6.0)
    bundler-audit (0.3.1)
      bundler (~> 1.2)
      thor (~> 0.18)
    capistrano (3.2.1)
      i18n
      rake (>= 10.0.0)
      sshkit (~> 1.3)
    capistrano-bundler (1.1.3)
      capistrano (~> 3.1)
      sshkit (~> 1.2)
    capistrano-rails (1.1.2)
      capistrano (~> 3.1)
      capistrano-bundler (~> 1.1)
    capistrano-rvm (0.1.2)
      capistrano (~> 3.0)
      sshkit (~> 1.2)
    capistrano3-puma (0.8.3)
      capistrano (~> 3.0)
      puma (>= 2.6)
    capybara (2.4.4)
      mime-types (>= 1.16)
      nokogiri (>= 1.3.3)
      rack (>= 1.0.0)
      rack-test (>= 0.5.4)
      xpath (~> 2.0)
    carrierwave (0.10.0)
      activemodel (>= 3.2.0)
      activesupport (>= 3.2.0)
      json (>= 1.7)
      mime-types (>= 1.16)
    celluloid (0.16.0)
      timers (~> 4.0.0)
    celluloid-benchmark (0.1.10)
      celluloid (~> 0.16.0.pre)
      mechanize (~> 2.7)
      mime-types (~> 1.25)
      multi_json
      racc (~> 1)
      slop
    childprocess (0.5.5)
      ffi (~> 1.0, >= 1.0.11)
    chronic (0.9.1)
    ckeditor_rails (4.4.5)
      railties (>= 3.0)
    cliver (0.3.2)
    coderay (1.1.0)
    coffee-rails (4.1.0)
      coffee-script (>= 2.2.0)
      railties (>= 4.0.0, < 5.0)
    coffee-script (2.3.0)
      coffee-script-source
      execjs
    coffee-script-source (1.8.0)
    colorize (0.7.3)
    connection_pool (2.1.0)
    dalli (2.7.2)
    database_cleaner (1.3.0)
    domain_name (0.5.22)
      unf (>= 0.0.5, < 1.0.0)
    elasticsearch (1.0.6)
      elasticsearch-api (= 1.0.6)
      elasticsearch-transport (= 1.0.6)
    elasticsearch-api (1.0.6)
      multi_json
    elasticsearch-model (0.1.6)
      activesupport (> 3)
      elasticsearch (> 0.4)
      hashie
    elasticsearch-rails (0.1.6)
    elasticsearch-transport (1.0.6)
      faraday
      multi_json
    em-websocket (0.5.1)
      eventmachine (>= 0.12.9)
      http_parser.rb (~> 0.6.0)
    erubis (2.7.0)
    eventmachine (1.0.3)
    execjs (2.2.2)
    factory_girl (4.5.0)
      activesupport (>= 3.0.0)
    factory_girl_rails (4.5.0)
      factory_girl (~> 4.5.0)
      railties (>= 3.0.0)
    fakeweb (1.3.0)
    faraday (0.9.0)
      multipart-post (>= 1.2, < 3)
    fastercsv (1.5.5)
    ffi (1.9.6)
    ffi-compiler (0.1.3)
      ffi (>= 1.0.0)
      rake
    formatador (0.2.5)
    globalid (0.3.0)
      activesupport (>= 4.1.0)
    guard (2.9.0)
      formatador (>= 0.2.4)
      listen (~> 2.7)
      lumberjack (~> 1.0)
      pry (>= 0.9.12)
      thor (>= 0.18.1)
    guard-livereload (2.4.0)
      em-websocket (~> 0.5)
      guard (~> 2.8)
      multi_json (~> 1.8)
    haml (4.0.5)
      tilt
    hashdiff (0.2.2)
    hashery (2.1.1)
    hashie (3.3.2)
    highline (1.6.21)
    hike (1.2.3)
    hitimes (1.2.2)
    http-cookie (1.0.2)
      domain_name (~> 0.5)
    http_parser.rb (0.6.0)
    httparty (0.13.3)
      json (~> 1.8)
      multi_xml (>= 0.5.2)
    i18n (0.7.0.beta1)
    in_place_editing (1.2.0)
    jquery-rails (4.0.0)
      rails-dom-testing (~> 1.0)
      railties (>= 4.2.0.beta, < 5.0)
      thor (>= 0.14, < 2.0)
    jquery-ui-rails (5.0.2)
      railties (>= 3.2.16)
    json (1.8.1)
    libv8 (3.16.14.7)
    listen (2.8.2)
      celluloid (>= 0.15.2)
      rb-fsevent (>= 0.9.3)
      rb-inotify (>= 0.9)
    logstash-event (1.2.02)
    logstash-logger (0.7.0)
      logstash-event (~> 1.2)
      stud
    loofah (2.0.1)
      nokogiri (>= 1.5.9)
    lumberjack (1.0.9)
    mail (2.6.3)
      mime-types (>= 1.16, < 3)
    mechanize (2.7.2)
      domain_name (~> 0.5, >= 0.5.1)
      http-cookie (~> 1.0.0)
      mime-types (~> 1.17, >= 1.17.2)
      net-http-digest_auth (~> 1.1, >= 1.1.1)
      net-http-persistent (~> 2.5, >= 2.5.2)
      nokogiri (~> 1.4)
      ntlm-http (~> 0.1, >= 0.1.1)
      webrobots (>= 0.0.9, < 0.2)
    metaclass (0.0.4)
    method_source (0.8.2)
    mime-types (1.25.1)
    mini_magick (4.0.1)
    mini_portile (0.6.1)
    minitest (5.4.3)
    mocha (1.1.0)
      metaclass (~> 0.0.1)
    money (6.4.0)
      i18n (>= 0.6.4, <= 0.7.0.beta1)
    multi_json (1.10.1)
    multi_xml (0.5.5)
    multipart-post (2.0.0)
    mysql2 (0.3.17)
    net-http-digest_auth (1.4)
    net-http-persistent (2.9.4)
    net-scp (1.2.1)
      net-ssh (>= 2.6.5)
    net-ssh (2.9.1)
    newrelic_rpm (3.9.7.266)
    nokogiri (1.6.5)
      mini_portile (~> 0.6.0)
    ntlm-http (0.1.1)
    offsite_payments (2.0.1)
      active_utils (~> 2.2.0)
      activesupport (>= 3.2.14, < 5.0.0)
      builder (>= 2.1.2, < 4.0.0)
      i18n (~> 0.5)
      json (~> 1.7)
      money (< 7.0.0)
      nokogiri (~> 1.4)
    oj (2.11.1)
    parser (2.2.0.pre.8)
      ast (>= 1.1, < 3.0)
      slop (~> 3.4, >= 3.4.5)
    pdf-reader (1.3.3)
      Ascii85 (~> 1.0.0)
      afm (~> 0.2.0)
      hashery (~> 2.0)
      ruby-rc4
      ttfunk
    poltergeist (1.5.1)
      capybara (~> 2.1)
      cliver (~> 0.3.1)
      multi_json (~> 1.0)
      websocket-driver (>= 0.2.0)
    powerpack (0.0.9)
    pry (0.10.1)
      coderay (~> 1.1.0)
      method_source (~> 0.8.1)
      slop (~> 3.4)
    puma (2.10.1)
      rack (>= 1.1, < 2.0)
    quiet_assets (1.0.3)
      railties (>= 3.1, < 5.0)
    racc (1.4.12)
    rack (1.6.0.beta)
    rack-livereload (0.3.15)
      rack
    rack-test (0.6.2)
      rack (>= 1.0)
    rails (4.2.0.beta4)
      actionmailer (= 4.2.0.beta4)
      actionpack (= 4.2.0.beta4)
      actionview (= 4.2.0.beta4)
      activejob (= 4.2.0.beta4)
      activemodel (= 4.2.0.beta4)
      activerecord (= 4.2.0.beta4)
      activesupport (= 4.2.0.beta4)
      bundler (>= 1.3.0, < 2.0)
      railties (= 4.2.0.beta4)
      sprockets-rails (~> 3.0.0.beta1)
    rails-deprecated_sanitizer (1.0.3)
      activesupport (>= 4.2.0.alpha)
    rails-dom-testing (1.0.5)
      activesupport (>= 4.2.0.beta, < 5.0)
      nokogiri (~> 1.6.0)
      rails-deprecated_sanitizer (>= 1.0.1)
    rails-html-sanitizer (1.0.1)
      loofah (~> 2.0)
    rails-observers (0.1.2)
      activemodel (~> 4.0)
    railties (4.2.0.beta4)
      actionpack (= 4.2.0.beta4)
      activesupport (= 4.2.0.beta4)
      rake (>= 0.8.7)
      thor (>= 0.18.1, < 2.0)
    rainbow (2.0.0)
    rake (10.4.0)
    raygun4ruby (1.1.4)
      httparty (~> 0.11)
      json
      rack
    rb-fsevent (0.9.4)
    rb-inotify (0.9.5)
      ffi (>= 0.5.0)
    redcarpet (3.2.1)
    ref (1.0.5)
    request_store (1.1.0)
    ri_cal (0.8.8)
    rubocop (0.27.1)
      astrolabe (~> 1.3)
      parser (>= 2.2.0.pre.7, < 3.0)
      powerpack (~> 0.0.6)
      rainbow (>= 1.99.1, < 3.0)
      ruby-progressbar (~> 1.4)
    ruby-progressbar (1.7.0)
    ruby-rc4 (0.1.5)
    ruby2ruby (2.1.3)
      ruby_parser (~> 3.1)
      sexp_processor (~> 4.0)
    ruby_parser (3.5.0)
      sexp_processor (~> 4.1)
    rubyzip (1.1.6)
    sass (3.4.9)
    sass-rails (5.0.0.beta1)
      railties (>= 4.0.0, < 5.0)
      sass (~> 3.2)
      sprockets (~> 2.12)
      sprockets-rails (>= 2.0, < 4.0)
    scrypt (2.0.0)
      ffi-compiler (>= 0.0.2)
      rake
    selenium-webdriver (2.44.0)
      childprocess (~> 0.5)
      multi_json (~> 1.0)
      rubyzip (~> 1.0)
      websocket (~> 1.0)
    sexp_processor (4.4.4)
    slim (2.1.0)
      temple (~> 0.6.9)
      tilt (>= 1.3.3, < 2.1)
    slop (3.6.0)
    spring (1.2.0)
    sprockets (2.12.3)
      hike (~> 1.2)
      multi_json (~> 1.0)
      rack (~> 1.0)
      tilt (~> 1.1, != 1.3.0)
    sprockets-rails (3.0.0.beta1)
      actionpack (>= 4.0)
      activesupport (>= 4.0)
      sprockets (~> 2.8)
    sshkit (1.5.1)
      colorize
      net-scp (>= 1.1.2)
      net-ssh (>= 2.8.0)
    stud (0.0.18)
    tabular (0.2.7)
    temple (0.6.10)
    terminal-table (1.4.5)
    therubyracer (0.12.1)
      libv8 (~> 3.16.14.0)
      ref
    thor (0.19.1)
    thread_safe (0.3.4)
    tilt (1.4.1)
    timecop (0.7.1)
    timers (4.0.1)
      hitimes
    truncate_html (0.9.3)
    ttfunk (1.0.3)
    tzinfo (1.2.2)
      thread_safe (~> 0.1)
    uglifier (2.5.3)
      execjs (>= 0.3.0)
      json (>= 1.8.0)
    unf (0.1.4)
      unf_ext
    unf_ext (0.0.6)
    uniform_notifier (1.6.2)
    webrobots (0.1.1)
    websocket (1.2.1)
    websocket-driver (0.4.0)
    will_paginate (3.0.7)
    will_paginate-bootstrap (1.0.1)
      will_paginate (>= 3.0.3)
    xpath (2.0.0)
      nokogiri (~> 1.3)
    yui-compressor (0.12.0)

PLATFORMS
  ruby

DEPENDENCIES
  Ascii85
  activemerchant (~> 1.44)
  acts_as_list!
  acts_as_tree!
  authlogic
  bcrypt
  bootstrap-datepicker-rails
  bootstrap-sass
  brakeman
  bullet
  bundler-audit
  capistrano-rails
  capistrano-rvm
  capistrano3-puma
  capybara
  carrierwave
  celluloid-benchmark (~> 0.1.9)
  chronic (< 0.10.0)
  ckeditor_rails
  coffee-rails (~> 4.0)
  coffee-script-source (~> 1.7)
  connection_pool
  dalli
  database_cleaner
  default_value_for!
  elasticsearch-model
  elasticsearch-rails
  erubis
  execjs
  factory_girl_rails
  fakeweb
  guard-livereload
  hashdiff
  in_place_editing
  jquery-rails
  jquery-ui-rails
  logstash-logger
  mini_magick
  minitest (~> 5.4)
  mocha
  money
  mysql2
  newrelic_rpm
  nokogiri
  oj
  pdf-reader
  poltergeist
  prawn!
  puma
  quiet_assets
  rack-livereload
  rails (= 4.2.0.beta4)
  rails-observers
  rake
  raygun4ruby (~> 1.1)
  redcarpet
  ri_cal
  roo!
  rubocop
  ruby-ole!
  sass-rails (~> 5.0.0.beta1)
  scrypt
  selenium-webdriver
  spreadsheet!
  spring
  tabular (< 0.3)
  therubyracer
  timecop
  truncate_html
  uglifier
  vestal_versions!
  will_paginate (~> 3.0)
  will_paginate-bootstrap
  yui-compressor
