GEM
  remote: http://rubygems.org/
  specs:
    Ascii85 (1.0.1)
    SyslogLogger (1.4.0)
      hoe (>= 1.2.0)
    actionmailer (2.3.11)
      actionpack (= 2.3.11)
    actionpack (2.3.11)
      activesupport (= 2.3.11)
      rack (~> 1.1.0)
    activerecord (2.3.11)
      activesupport (= 2.3.11)
    activeresource (2.3.11)
      activesupport (= 2.3.11)
    activesupport (2.3.11)
    ansi (1.2.5)
    authlogic (2.1.6)
      activesupport
    builder (3.0.0)
    childprocess (0.1.4)
      ffi (~> 0.6.3)
    erubis (2.7.0)
    fastercsv (1.5.4)
    ffi (0.6.3)
      rake (>= 0.8.7)
    hoe (2.9.4)
      rake (>= 0.8.7)
    hoptoad_notifier (2.4.10)
      activesupport
      builder
    json_pure (1.5.1)
    kgio (2.4.1)
    mocha (0.9.12)
    mysql2 (0.2.7)
    newrelic_rpm (3.0.1)
    pdf-reader (0.9.2)
      Ascii85 (>= 0.9)
    prawn (0.11.1)
      pdf-reader (>= 0.9.0)
      ttfunk (~> 1.0.0)
    prawn-core (0.8.4)
    rack (1.1.2)
    rails (2.3.11)
      actionmailer (= 2.3.11)
      actionpack (= 2.3.11)
      activerecord (= 2.3.11)
      activeresource (= 2.3.11)
      activesupport (= 2.3.11)
      rake (>= 0.8.3)
    rake (0.9.0)
    rubyzip (0.9.4)
    selenium-webdriver (0.1.1)
      childprocess (= 0.1.4)
      ffi (~> 0.6.3)
      json_pure
      rubyzip
    tabular (0.0.7)
    timecop (0.3.5)
    ttfunk (1.0.1)
    unicorn (3.6.2)
      kgio (~> 2.3)
      rack
    vestal_versions (1.0.2)
      activerecord (>= 2.1.0)
    will_paginate (2.3.15)

PLATFORMS
  ruby

DEPENDENCIES
  Ascii85
  SyslogLogger
  ansi
  authlogic
  childprocess (= 0.1.4)
  erubis
  fastercsv
  ffi (= 0.6.3)
  hoptoad_notifier
  json_pure
  mocha
  mysql2 (< 0.3.0)
  newrelic_rpm
  pdf-reader
  prawn
  prawn-core
  rack (~> 1.1.0)
  rails (= 2.3.11)
  rubyzip
  selenium-webdriver
  tabular (> 0.0.5)
  timecop
  unicorn
  vestal_versions
  will_paginate
