GIT
  remote: https://github.com/amerine/acts_as_tree.git
  revision: d229d3cc6d7d3c327df4aca92cd2f93eb5621453
  specs:
    acts_as_tree (2.3.0)
      activerecord (>= 3.0.0)

GIT
  remote: https://github.com/sandal/prawn.git
  revision: 857f13e919d1bd7120de1ea9ba0429620329865b
  specs:
    prawn (1.0.0.rc1)
      pdf-reader (>= 0.9.0)
      ttfunk (~> 1.0.3)

GIT
  remote: https://github.com/scottwillson/roo-xls.git
  revision: bffb35c944625ff09e8f2cd170dc1ec715733a29
  branch: preserve-fractional-seconds
  specs:
    roo-xls (1.0.0)
      nokogiri
      roo (>= 2.0.0beta1, < 3)
      spreadsheet (> 0.9.0)

GIT
  remote: https://github.com/scottwillson/vestal_versions.git
  revision: 7bf136030e307ac42d9d6aceaf7719677080d9f6
  specs:
    vestal_versions (2.0.2)
      activerecord (>= 4.2, < 5)
      activesupport (>= 4.2, < 5)

GEM
  remote: https://rubygems.org/
  specs:
    Ascii85 (1.0.2)
    actioncable (5.0.0.beta1)
      actionpack (= 5.0.0.beta1)
      celluloid (~> 0.17.2)
      coffee-rails (~> 4.1.0)
      em-hiredis (~> 0.3.0)
      faye-websocket (~> 0.10.0)
      redis (~> 3.0)
      websocket-driver (~> 0.6.1)
    actionmailer (5.0.0.beta1)
      actionpack (= 5.0.0.beta1)
      actionview (= 5.0.0.beta1)
      activejob (= 5.0.0.beta1)
      mail (~> 2.5, >= 2.5.4)
      rails-dom-testing (~> 1.0, >= 1.0.5)
    actionpack (5.0.0.beta1)
      actionview (= 5.0.0.beta1)
      activesupport (= 5.0.0.beta1)
      rack (~> 2.x)
      rack-test (~> 0.6.3)
      rails-dom-testing (~> 1.0, >= 1.0.5)
      rails-html-sanitizer (~> 1.0, >= 1.0.2)
    actionview (5.0.0.beta1)
      activesupport (= 5.0.0.beta1)
      builder (~> 3.1)
      erubis (~> 2.7.0)
      rails-dom-testing (~> 1.0, >= 1.0.5)
      rails-html-sanitizer (~> 1.0, >= 1.0.2)
    activejob (5.0.0.beta1)
      activesupport (= 5.0.0.beta1)
      globalid (>= 0.3.6)
    activemerchant (1.56.0)
      activesupport (>= 3.2.14, < 5.1)
      builder (>= 2.1.2, < 4.0.0)
      i18n (>= 0.6.9)
      nokogiri (~> 1.4)
    activemodel (5.0.0.beta1)
      activesupport (= 5.0.0.beta1)
      builder (~> 3.1)
    activerecord (5.0.0.beta1)
      activemodel (= 5.0.0.beta1)
      activesupport (= 5.0.0.beta1)
      arel (~> 7.0)
    activesupport (5.0.0.beta1)
      concurrent-ruby (~> 1.0)
      i18n (~> 0.7)
      json (~> 1.7, >= 1.7.7)
      method_source
      minitest (~> 5.1)
      tzinfo (~> 1.1)
    acts_as_list (0.7.2)
      activerecord (>= 3.0)
    afm (0.2.2)
    arel (7.0.0)
    ast (2.1.0)
    astrolabe (1.3.1)
      parser (~> 2.2)
    authlogic (3.4.6)
      activerecord (>= 3.2)
      activesupport (>= 3.2)
      request_store (~> 1.0)
      scrypt (>= 1.2, < 3.0)
    autoprefixer-rails (6.2.0)
      execjs
      json
    bcrypt (3.1.10)
    bootstrap-sass (3.3.6)
      autoprefixer-rails (>= 5.2.1)
      sass (>= 3.3.4)
    brakeman (3.1.3)
      erubis (~> 2.6)
      fastercsv (~> 1.5)
      haml (>= 3.0, < 5.0)
      highline (>= 1.6.20, < 2.0)
      multi_json (~> 1.2)
      ruby2ruby (>= 2.1.1, < 2.3.0)
      ruby_parser (~> 3.7.0)
      safe_yaml (>= 1.0)
      sass (~> 3.0)
      slim (>= 1.3.6, < 4.0)
      terminal-table (~> 1.4)
    builder (3.2.2)
    bullet (4.14.10)
      activesupport (>= 3.0.0)
      uniform_notifier (~> 1.9.0)
    bundler-audit (0.4.0)
      bundler (~> 1.2)
      thor (~> 0.18)
    capistrano (3.4.0)
      i18n
      rake (>= 10.0.0)
      sshkit (~> 1.3)
    capistrano-bundler (1.1.4)
      capistrano (~> 3.1)
      sshkit (~> 1.2)
    capistrano-rails (1.1.5)
      capistrano (~> 3.1)
      capistrano-bundler (~> 1.1)
    capistrano-rvm (0.1.2)
      capistrano (~> 3.0)
      sshkit (~> 1.2)
    capistrano3-puma (1.2.1)
      capistrano (~> 3.0)
      puma (>= 2.6)
    capybara (2.5.0)
      mime-types (>= 1.16)
      nokogiri (>= 1.3.3)
      rack (>= 1.0.0)
      rack-test (>= 0.5.4)
      xpath (~> 2.0)
    celluloid (0.17.2)
      celluloid-essentials
      celluloid-extras
      celluloid-fsm
      celluloid-pool
      celluloid-supervision
      timers (>= 4.1.1)
    celluloid-benchmark (0.3.0)
      celluloid (~> 0.17.0)
      mechanize (~> 2.7)
      mime-types (~> 1.25)
      multi_json
      racc (~> 1)
      slop (~> 3.6)
      table_print
    celluloid-essentials (0.20.5)
      timers (>= 4.1.1)
    celluloid-extras (0.20.5)
      timers (>= 4.1.1)
    celluloid-fsm (0.20.5)
      timers (>= 4.1.1)
    celluloid-pool (0.20.5)
      timers (>= 4.1.1)
    celluloid-supervision (0.20.5)
      timers (>= 4.1.1)
    childprocess (0.5.8)
      ffi (~> 1.0, >= 1.0.11)
    chronic (0.9.1)
    ckeditor_rails (4.5.3)
      railties (>= 3.0)
    cliver (0.3.2)
    codeclimate-test-reporter (0.4.8)
      simplecov (>= 0.7.1, < 1.0.0)
    coffee-rails (4.1.1)
      coffee-script (>= 2.2.0)
      railties (>= 4.0.0, < 5.1.x)
    coffee-script (2.4.1)
      coffee-script-source
      execjs
    coffee-script-source (1.10.0)
    concurrent-ruby (1.0.0)
    connection_pool (2.2.0)
    dalli (2.7.5)
    damerau-levenshtein (1.1.0)
      bundler (~> 1.7)
      json (~> 1.8)
      rake (~> 10.4)
      rake-compiler (~> 0.9)
    database_cleaner (1.5.1)
    default_value_for (3.0.1)
      activerecord (>= 3.2.0, < 5.0)
    docile (1.1.5)
    domain_name (0.5.25)
      unf (>= 0.0.5, < 1.0.0)
    elasticsearch (1.0.15)
      elasticsearch-api (= 1.0.15)
      elasticsearch-transport (= 1.0.15)
    elasticsearch-api (1.0.15)
      multi_json
    elasticsearch-model (0.1.8)
      activesupport (> 3)
      elasticsearch (> 0.4)
      hashie
    elasticsearch-rails (0.1.8)
    elasticsearch-transport (1.0.15)
      faraday
      multi_json
    em-hiredis (0.3.0)
      eventmachine (~> 1.0)
      hiredis (~> 0.5.0)
    erubis (2.7.0)
    eventmachine (1.0.8)
    execjs (2.6.0)
    fakeweb (1.3.0)
    faraday (0.9.2)
      multipart-post (>= 1.2, < 3)
    fastercsv (1.5.5)
    faye-websocket (0.10.2)
      eventmachine (>= 0.12.0)
      websocket-driver (>= 0.5.1)
    ffi (1.9.10)
    ffi-compiler (0.1.3)
      ffi (>= 1.0.0)
      rake
    globalid (0.3.6)
      activesupport (>= 4.1.0)
    haml (4.0.7)
      tilt
    hashdiff (0.2.3)
    hashery (2.1.1)
    hashie (3.4.3)
    highline (1.7.8)
    hiredis (0.5.2)
    hitimes (1.2.3)
    http-cookie (1.0.2)
      domain_name (~> 0.5)
    httparty (0.13.7)
      json (~> 1.8)
      multi_xml (>= 0.5.2)
    i18n (0.7.0)
    in_place_editing (1.2.0)
    json (1.8.3)
    libv8 (3.16.14.13)
    logstash-event (1.2.02)
    logstash-logger (0.15.2)
      logstash-event (~> 1.2)
      stud
    loofah (2.0.3)
      nokogiri (>= 1.5.9)
    mail (2.6.3)
      mime-types (>= 1.16, < 3)
    mechanize (2.7.2)
      domain_name (~> 0.5, >= 0.5.1)
      http-cookie (~> 1.0.0)
      mime-types (~> 1.17, >= 1.17.2)
      net-http-digest_auth (~> 1.1, >= 1.1.1)
      net-http-persistent (~> 2.5, >= 2.5.2)
      nokogiri (~> 1.4)
      ntlm-http (~> 0.1, >= 0.1.1)
      webrobots (>= 0.0.9, < 0.2)
    metaclass (0.0.4)
    method_source (0.8.2)
    mime-types (1.25.1)
    mini_magick (4.3.6)
    mini_portile2 (2.0.0)
    minitest (5.8.3)
    mocha (1.1.0)
      metaclass (~> 0.0.1)
    money (6.6.1)
      i18n (>= 0.6.4, <= 0.7.0)
    multi_json (1.11.2)
    multi_xml (0.5.5)
    multipart-post (2.0.0)
    mysql2 (0.3.20)
    net-http-digest_auth (1.4)
    net-http-persistent (2.9.4)
    net-scp (1.2.1)
      net-ssh (>= 2.6.5)
    net-ssh (3.0.1)
    netrc (0.11.0)
    newrelic_rpm (3.14.1.311)
    nokogiri (1.6.7.1)
      mini_portile2 (~> 2.0.0.rc2)
    ntlm-http (0.1.1)
    oj (2.14.1)
    parallel (1.6.1)
    parallel_tests (2.2.1)
      parallel
    parser (2.2.3.0)
      ast (>= 1.1, < 3.0)
    pdf-reader (1.3.3)
      Ascii85 (~> 1.0.0)
      afm (~> 0.2.0)
      hashery (~> 2.0)
      ruby-rc4
      ttfunk
    poltergeist (1.8.1)
      capybara (~> 2.1)
      cliver (~> 0.3.1)
      multi_json (~> 1.0)
      websocket-driver (>= 0.2.0)
    powerpack (0.1.1)
    puma (2.15.3)
    racc (1.4.14)
    rack (2.0.0.alpha)
      json
    rack-test (0.6.3)
      rack (>= 1.0)
    rails (5.0.0.beta1)
      actioncable (= 5.0.0.beta1)
      actionmailer (= 5.0.0.beta1)
      actionpack (= 5.0.0.beta1)
      actionview (= 5.0.0.beta1)
      activejob (= 5.0.0.beta1)
      activemodel (= 5.0.0.beta1)
      activerecord (= 5.0.0.beta1)
      activesupport (= 5.0.0.beta1)
      bundler (>= 1.3.0, < 2.0)
      railties (= 5.0.0.beta1)
      sprockets-rails (>= 2.0.0)
    rails-deprecated_sanitizer (1.0.3)
      activesupport (>= 4.2.0.alpha)
    rails-dom-testing (1.0.7)
      activesupport (>= 4.2.0.beta, < 5.0)
      nokogiri (~> 1.6.0)
      rails-deprecated_sanitizer (>= 1.0.1)
    rails-html-sanitizer (1.0.2)
      loofah (~> 2.0)
    railties (5.0.0.beta1)
      actionpack (= 5.0.0.beta1)
      activesupport (= 5.0.0.beta1)
      method_source
      rake (>= 0.8.7)
      thor (>= 0.18.1, < 2.0)
    rainbow (2.0.0)
    rake (10.4.2)
    rake-compiler (0.9.5)
      rake
    raygun4ruby (1.1.9)
      httparty (~> 0.11)
      json
      rack
    redcarpet (3.3.3)
    redis (3.2.2)
    ref (2.0.0)
    request_store (1.2.1)
    rest-client (1.8.0)
      http-cookie (>= 1.0.2, < 2.0)
      mime-types (>= 1.16, < 3.0)
      netrc (~> 0.7)
    ri_cal (0.8.8)
    roo (2.3.0)
      nokogiri (~> 1)
      rubyzip (~> 1.1, < 2.0.0)
    rubocop (0.35.1)
      astrolabe (~> 1.3)
      parser (>= 2.2.3.0, < 3.0)
      powerpack (~> 0.1)
      rainbow (>= 1.99.1, < 3.0)
      ruby-progressbar (~> 1.7)
      tins (<= 1.6.0)
    ruby-ole (1.2.11.8)
    ruby-progressbar (1.7.5)
    ruby-rc4 (0.1.5)
    ruby2ruby (2.2.0)
      ruby_parser (~> 3.1)
      sexp_processor (~> 4.0)
    ruby_parser (3.7.2)
      sexp_processor (~> 4.1)
    rubyzip (1.1.7)
    safe_yaml (1.0.4)
    sass (3.4.20)
    sass-rails (5.0.4)
      railties (>= 4.0.0, < 5.0)
      sass (~> 3.1)
      sprockets (>= 2.8, < 4.0)
      sprockets-rails (>= 2.0, < 4.0)
      tilt (>= 1.1, < 3)
    scrypt (2.0.2)
      ffi-compiler (>= 0.0.2)
      rake
    selenium-webdriver (2.48.1)
      childprocess (~> 0.5)
      multi_json (~> 1.0)
      rubyzip (~> 1.0)
      websocket (~> 1.0)
    sexp_processor (4.6.0)
    simplecov (0.11.1)
      docile (~> 1.1.0)
      json (~> 1.8)
      simplecov-html (~> 0.10.0)
    simplecov-html (0.10.0)
    slim (3.0.6)
      temple (~> 0.7.3)
      tilt (>= 1.3.3, < 2.1)
    slop (3.6.0)
    spreadsheet (1.1.0)
      ruby-ole (>= 1.0)
    spring (1.6.0)
    sprockets (3.5.2)
      concurrent-ruby (~> 1.0)
      rack (> 1, < 3)
    sprockets-rails (3.0.0)
      actionpack (>= 4.0)
      activesupport (>= 4.0)
      sprockets (>= 3.0.0)
    sshkit (1.8.1)
      net-scp (>= 1.1.2)
      net-ssh (>= 2.8.0)
    stripe (1.31.0)
      json (~> 1.8.1)
      rest-client (~> 1.4)
    stud (0.0.22)
    table_print (1.5.4)
    tabular (0.4.2)
    temple (0.7.6)
    terminal-table (1.5.2)
    therubyracer (0.12.2)
      libv8 (~> 3.16.14.0)
      ref
    thor (0.19.1)
    thread_safe (0.3.5)
    tilt (2.0.1)
    timecop (0.8.0)
    timers (4.1.1)
      hitimes
    tins (1.6.0)
    truncate_html (0.9.3)
    ttfunk (1.0.3)
    tzinfo (1.2.2)
      thread_safe (~> 0.1)
    uglifier (2.7.2)
      execjs (>= 0.3.0)
      json (>= 1.8.0)
    unf (0.1.4)
      unf_ext
    unf_ext (0.0.7.1)
    uniform_notifier (1.9.0)
    webrobots (0.1.1)
    websocket (1.2.2)
    websocket-driver (0.6.3)
      websocket-extensions (>= 0.1.0)
    websocket-extensions (0.1.2)
    will_paginate (3.0.7)
    will_paginate-bootstrap (1.0.1)
      will_paginate (>= 3.0.3)
    xpath (2.0.0)
      nokogiri (~> 1.3)
    yui-compressor (0.12.0)

PLATFORMS
  ruby

DEPENDENCIES
  Ascii85
  activemerchant (>= 1.44)
  acts_as_list
  acts_as_tree!
  authlogic
  bcrypt
  bootstrap-sass
  brakeman
  bullet
  bundler
  bundler-audit
  capistrano-rails
  capistrano-rvm
  capistrano3-puma
  capybara
  celluloid-benchmark
  chronic (< 0.10.0)
  ckeditor_rails
  codeclimate-test-reporter
  coffee-script-source (~> 1.7)
  connection_pool
  dalli
  damerau-levenshtein
  database_cleaner
  default_value_for
  elasticsearch-model
  elasticsearch-rails
  erubis
  execjs
  fakeweb
  hashdiff
  in_place_editing
  logstash-logger
  mini_magick
  minitest (~> 5.4)
  mocha
  money
  mysql2 (< 0.4)
  newrelic_rpm
  nokogiri
  oj
  parallel_tests
  pdf-reader
  poltergeist
  prawn!
  puma
  rails (= 5.0.0.beta1)
  rake
  raygun4ruby (~> 1.1)
  redcarpet
  ri_cal
  roo
  roo-xls!
  rubocop
  ruby-ole
  sass-rails
  scrypt
  selenium-webdriver
  spreadsheet
  spring
  stripe
  tabular (>= 0.4.2)
  therubyracer
  timecop
  truncate_html
  uglifier
  vestal_versions!
  will_paginate (~> 3.0)
  will_paginate-bootstrap
  yui-compressor

BUNDLED WITH
   1.11.2
