GIT
  remote: git://github.com/laserlemon/vestal_versions
  revision: 3574a0b4e98ef187931376d1e38a01e109474c71
  specs:
    vestal_versions (1.2.2)
      activerecord (>= 3.0.0)
      activesupport (>= 3.0.0)

GIT
  remote: https://github.com/dhh/turn.git
  revision: 7431ec611f28f68fd8fc06ad8cc2e9ed2de81cc1
  specs:
    turn (0.8.1)
      ansi (>= 1.2.2)

GEM
  remote: http://rubygems.org/
  specs:
    Ascii85 (1.0.0)
    abstract (1.0.0)
    actionmailer (3.0.7)
      actionpack (= 3.0.7)
      mail (~> 2.2.15)
    actionpack (3.0.7)
      activemodel (= 3.0.7)
      activesupport (= 3.0.7)
      builder (~> 2.1.2)
      erubis (~> 2.6.6)
      i18n (~> 0.5.0)
      rack (~> 1.2.1)
      rack-mount (~> 0.6.14)
      rack-test (~> 0.5.7)
      tzinfo (~> 0.3.23)
    activemodel (3.0.7)
      activesupport (= 3.0.7)
      builder (~> 2.1.2)
      i18n (~> 0.5.0)
    activerecord (3.0.7)
      activemodel (= 3.0.7)
      activesupport (= 3.0.7)
      arel (~> 2.0.2)
      tzinfo (~> 0.3.23)
    activeresource (3.0.7)
      activemodel (= 3.0.7)
      activesupport (= 3.0.7)
    activesupport (3.0.7)
    ansi (1.2.4)
    arel (2.0.9)
    authlogic (3.0.2)
      activerecord (~> 3.0.7)
      activerecord (~> 3.0.7)
    builder (2.1.2)
    erubis (2.6.6)
      abstract (>= 1.0.0)
    fastercsv (1.5.4)
    i18n (0.5.0)
    mail (2.2.19)
      activesupport (>= 2.3.6)
      i18n (>= 0.4.0)
      mime-types (~> 1.16)
      treetop (~> 1.4.8)
    mime-types (1.16)
    mocha (0.9.12)
    mysql2 (0.2.7)
    newrelic_rpm (2.14.1)
    pdf-reader (0.9.2)
      Ascii85 (>= 0.9)
    polyglot (0.3.1)
    prawn (0.11.1)
      pdf-reader (>= 0.9.0)
      ttfunk (~> 1.0.0)
    prawn-core (0.8.4)
    rack (1.2.2)
    rack-mount (0.6.14)
      rack (>= 1.0.0)
    rack-test (0.5.7)
      rack (>= 1.0)
    rails (3.0.7)
      actionmailer (= 3.0.7)
      actionpack (= 3.0.7)
      activerecord (= 3.0.7)
      activeresource (= 3.0.7)
      activesupport (= 3.0.7)
      bundler (~> 1.0)
      railties (= 3.0.7)
    railties (3.0.7)
      actionpack (= 3.0.7)
      activesupport (= 3.0.7)
      rake (>= 0.8.7)
      thor (~> 0.14.4)
    rake (0.8.7)
    tabular (0.0.7)
    thor (0.14.6)
    timecop (0.3.5)
    treetop (1.4.9)
      polyglot (>= 0.3.1)
    ttfunk (1.0.1)
    tzinfo (0.3.27)
    will_paginate (2.3.15)

PLATFORMS
  ruby

DEPENDENCIES
  Ascii85
  ansi
  authlogic
  fastercsv
  mocha
  mysql2 (< 0.3.0)
  newrelic_rpm
  pdf-reader
  prawn
  prawn-core
  rack (~> 1.2.1)
  rails
  tabular (> 0.0.5)
  timecop
  turn!
  vestal_versions!
  will_paginate
